GEM
  specs:
    jekyll-paginate (1.1.0)
    
gem 'jekyll-paginate'

PLATFORMS
  x64-mingw32

DEPENDENCIES
  jekyll-paginate

BUNDLED WITH
   1.10.6
   